GEM
  remote: https://rubygems.org/
  specs:
    rack (1.6.0)
    rack-protection (1.5.3)
      rack
    sinatra (1.0)
      rack (>= 1.0)
    tilt (1.4.1)

PLATFORMS
  x64-mingw32

DEPENDENCIES
  rack
  rack-protection
  sinatra
  tilt (~> 1.3, >= 1.3.4)
