GEM
  remote: https://rubygems.org/
  specs:
    ffi (1.9.6-x64-mingw32)
    mime-types (2.4.3)
    netrc (0.10.2)
    rack (1.6.0)
    rack-protection (1.5.3)
      rack
    rest-client (1.7.3-x64-mingw32)
      ffi (~> 1.9)
      mime-types (>= 1.16, < 3.0)
      netrc (~> 0.7)
    sinatra (1.4.5)
      rack (~> 1.4)
      rack-protection (~> 1.4)
      tilt (~> 1.3, >= 1.3.4)
    tilt (1.4.1)

PLATFORMS
  x64-mingw32

DEPENDENCIES
  rack
  rack-protection
  rest-client
  sinatra
  tilt (~> 1.3, >= 1.3.4)
